PATH
  remote: .
  specs:
    provise (0.0.3)
      commander (~> 4.1.2)

GEM
  remote: https://rubygems.org/
  specs:
    commander (4.1.6)
      highline (~> 1.6.11)
    highline (1.6.21)

PLATFORMS
  ruby

DEPENDENCIES
  provise!
